GEM
  remote: https://rubygems.org/
  specs:
    sqlite3 (1.3.10)

PLATFORMS
  ruby

DEPENDENCIES
  sqlite3 (~> 1.3.10)

BUNDLED WITH
   1.10.6
